GEM
  remote: http://rubygems.org/
  specs:
    awesome_print (1.0.2)
    bson (1.6.4)
    bson_ext (1.6.4)
      bson (~> 1.6.4)
    daemons (1.1.8)
    eventmachine (0.12.10)
    http_parser.rb (0.5.3)
    mongo (1.6.2)
      bson (~> 1.6.2)
    multi_json (1.3.6)
    simple_oauth (0.1.5)
    tweetstream (1.1.4)
      daemons (~> 1.1)
      multi_json (>= 1.0)
      twitter-stream (= 0.1.14)
    twitter-stream (0.1.14)
      eventmachine (>= 0.12.8)
      http_parser.rb (~> 0.5.1)
      simple_oauth (~> 0.1.4)

PLATFORMS
  ruby

DEPENDENCIES
  awesome_print
  bson_ext
  mongo
  tweetstream
